GEM
  remote: http://rubygems.org/
  specs:
    eventmachine (1.2.7)
    websocket (1.2.9)
    websocket-eventmachine-base (1.2.0)
      eventmachine (~> 1.0)
      websocket (~> 1.0)
      websocket-native (~> 1.0)
    websocket-eventmachine-client (1.3.0)
      websocket-eventmachine-base (~> 1.0)
    websocket-eventmachine-server (1.0.1)
      websocket-eventmachine-base (~> 1.0)
    websocket-native (1.0.0)

PLATFORMS
  x86_64-linux

DEPENDENCIES
  websocket-eventmachine-client
  websocket-eventmachine-server

RUBY VERSION
   ruby 3.1.0p0

BUNDLED WITH
   2.3.7
